GEM
  remote: https://rubygems.org/
  specs:
    minitest (5.0.3)
    rake (10.0.4)

PLATFORMS
  ruby

DEPENDENCIES
  minitest
  rake
